GEM
  remote: https://rubygems.org/
  specs:
    addressable (2.5.0)
      public_suffix (~> 2.0, >= 2.0.2)
    backports (3.11.3)
    builder (3.2.3)
    cucumber (3.1.2)
      builder (>= 2.1.2)
      cucumber-core (~> 3.2.0)
      cucumber-expressions (~> 6.0.1)
      cucumber-wire (~> 0.0.1)
      diff-lcs (~> 1.3)
      gherkin (~> 5.1.0)
      multi_json (>= 1.7.5, < 2.0)
      multi_test (>= 0.1.2)
    cucumber-api (0.6)
      addressable (= 2.5)
      cucumber (~> 3.1.0)
      json-schema (~> 2.8.0)
      jsonpath (~> 0.8)
      rest-client (~> 2.0.2)
    cucumber-core (3.2.0)
      backports (>= 3.8.0)
      cucumber-tag_expressions (~> 1.1.0)
      gherkin (>= 5.0.0)
    cucumber-expressions (6.0.1)
    cucumber-tag_expressions (1.1.1)
    cucumber-wire (0.0.1)
    diff-lcs (1.3)
    domain_name (0.5.20180417)
      unf (>= 0.0.5, < 1.0.0)
    dotenv (2.5.0)
    gherkin (5.1.0)
    http-cookie (1.0.3)
      domain_name (~> 0.5)
    httparty (0.16.2)
      multi_xml (>= 0.5.2)
    json-schema (2.8.0)
      addressable (>= 2.4)
    jsonpath (0.9.3)
      multi_json
      to_regexp (~> 0.2.1)
    mime-types (3.1)
      mime-types-data (~> 3.2015)
    mime-types-data (3.2016.0521)
    mini_portile2 (2.3.0)
    multi_json (1.13.1)
    multi_test (0.1.2)
    multi_xml (0.6.0)
    netrc (0.11.0)
    nokogiri (1.8.4)
      mini_portile2 (~> 2.3.0)
    public_suffix (2.0.5)
    rest-client (2.0.2)
      http-cookie (>= 1.0.2, < 2.0)
      mime-types (>= 1.16, < 4.0)
      netrc (~> 0.8)
    rspec (3.7.0)
      rspec-core (~> 3.7.0)
      rspec-expectations (~> 3.7.0)
      rspec-mocks (~> 3.7.0)
    rspec-core (3.7.1)
      rspec-support (~> 3.7.0)
    rspec-expectations (3.7.0)
      diff-lcs (>= 1.2.0, < 2.0)
      rspec-support (~> 3.7.0)
    rspec-mocks (3.7.0)
      diff-lcs (>= 1.2.0, < 2.0)
      rspec-support (~> 3.7.0)
    rspec-support (3.7.1)
    to_regexp (0.2.1)
    unf (0.1.4)
      unf_ext
    unf_ext (0.0.7.5)

PLATFORMS
  ruby

DEPENDENCIES
  cucumber (~> 3.1)
  cucumber-api
  dotenv (~> 2.1, >= 2.1.1)
  httparty
  nokogiri (~> 1.7, >= 1.7.0.1)
  rspec (~> 3.5)

RUBY VERSION
   ruby 2.5.1p57

BUNDLED WITH
   1.16.2
